GEM
  remote: http://rubygems.org/
  specs:
    chunky_png (1.1.1)
    compass (0.11.1)
      chunky_png (~> 1.1)
      fssm (>= 0.2.7)
      sass (~> 3.1)
    configuration (1.2.0)
    fssm (0.2.7)
    haml (3.1.1)
    heroku (1.20.1)
      launchy (~> 0.3.2)
      rest-client (>= 1.4.0, < 1.7.0)
    launchy (0.3.7)
      configuration (>= 0.0.5)
      rake (>= 0.8.1)
    mime-types (1.16)
    rack (1.2.2)
    rake (0.8.7)
    rb-fsevent (0.4.3.1)
    rest-client (1.6.1)
      mime-types (>= 1.16)
    sass (3.1.1)
    sinatra (1.2.3)
      rack (~> 1.1)
      tilt (>= 1.2.2, < 2.0)
    tilt (1.2.2)

PLATFORMS
  ruby

DEPENDENCIES
  compass (= 0.11.1)
  haml (= 3.1.1)
  heroku (= 1.20.1)
  rb-fsevent
  sinatra (= 1.2.3)
